GIT
  remote: https://github.com/igneus/pslm.git
  revision: 1e91c4112ec7e27d7ff51a435a43c6aab492163d
  specs:
    pslm (0.0.0)
      colorize
      deep_merge (>= 1.1)
      hashie (> 3.4)

GEM
  remote: https://rubygems.org/
  specs:
    colorize (0.8.1)
    deep_merge (1.2.2)
    diff-lcs (1.2.5)
    hashie (5.0.0)
    rspec (2.14.1)
      rspec-core (~> 2.14.0)
      rspec-expectations (~> 2.14.0)
      rspec-mocks (~> 2.14.0)
    rspec-core (2.14.8)
    rspec-expectations (2.14.5)
      diff-lcs (>= 1.1.3, < 2.0)
    rspec-mocks (2.14.6)
    sqlite3 (1.3.9)
    thor (0.19.1)

PLATFORMS
  ruby

DEPENDENCIES
  pslm!
  rspec
  sqlite3
  thor

BUNDLED WITH
   2.1.4
